PATH
  remote: .
  specs:
    RubyRetriever (0.0.8)

GEM
  remote: https://rubygems.org/
  specs:

PLATFORMS
  ruby

DEPENDENCIES
  RubyRetriever!
